GEM
  specs:
    hashie (3.4.0)
    json (1.8.1)
    rack (1.5.2)
    rack-protection (1.5.3)
      rack
    sinatra (1.4.5)
      rack (~> 1.4)
      rack-protection (~> 1.4)
      tilt (~> 1.3, >= 1.3.4)
    soda-ruby (0.2.13)
      hashie
    tilt (1.4.1)

PLATFORMS
  ruby

DEPENDENCIES
  json
  sinatra
  soda-ruby
